GEM
  remote: https://rubygems.org/
  specs:
    activesupport (4.2.10)
      i18n (~> 0.7)
      minitest (~> 5.1)
      thread_safe (~> 0.3, >= 0.3.4)
      tzinfo (~> 1.1)
    addressable (2.5.2)
      public_suffix (>= 2.0.2, < 4.0)
    artii (2.1.2)
    awesome_print (1.8.0)
    configatron (3.2.0)
    deep_merge (1.0.1)
    diff-lcs (1.3)
    diffy (3.2.0)
    facter (2.4.6)
    falkorlib (0.7.9)
      activesupport (~> 4.0)
      artii (>= 2.1)
      awesome_print (~> 1.2)
      configatron (~> 3.2)
      deep_merge (~> 1.0.1)
      diffy (>= 3.0)
      facter (~> 2.4.1)
      git_remote_branch (~> 0)
      json (~> 1.8)
      license-generator (~> 0)
      logger (>= 1.2.8)
      minigit (~> 0)
      rake (~> 10.1, >= 10.1.0)
      term-ansicolor (~> 1.3)
      thor (>= 0.19)
      thor-zsh_completion
    fast_gettext (1.1.0)
    gettext (3.2.4)
      locale (>= 2.0.5)
      text (>= 1.3.0)
    gettext-setup (0.28)
      fast_gettext (~> 1.1.0)
      gettext (>= 3.0.2)
      locale
    git_remote_branch (0.3.8)
    hiera (3.4.2)
    i18n (0.8.6)
    json (1.8.6)
    json-schema (2.8.0)
      addressable (>= 2.4)
    json_pure (1.8.6)
    license-generator (0.4.1)
      thor
    locale (2.1.2)
    logger (1.2.8)
    metaclass (0.0.4)
    metadata-json-lint (2.0.2)
      json-schema (~> 2.8)
      spdx-licenses (~> 1.0)
    minigit (0.0.4)
    minitest (5.10.3)
    mocha (1.3.0)
      metaclass (~> 0.0.1)
    public_suffix (3.0.0)
    puppet (4.10.8)
      facter (> 2.0, < 4)
      gettext-setup (>= 0.10, < 1)
      hiera (>= 2.0, < 4)
      json_pure (~> 1.8)
      locale (~> 2.1)
    puppet-lint (2.3.3)
    puppet-lint-absolute_classname-check (0.2.4)
      puppet-lint (>= 1.0, < 3.0)
    puppet-lint-classes_and_types_beginning_with_digits-check (0.1.2)
      puppet-lint (>= 1.0, < 3.0)
    puppet-lint-leading_zero-check (0.1.1)
      puppet-lint (>= 1.0, < 3.0)
    puppet-lint-resource_reference_syntax (1.0.10)
      puppet-lint (>= 1.0, < 3.0)
    puppet-lint-trailing_comma-check (0.3.2)
      puppet-lint (>= 1.0, < 3.0)
    puppet-lint-unquoted_string-check (0.3.0)
      puppet-lint (>= 1.0, < 3.0)
    puppet-lint-version_comparison-check (0.2.1)
      puppet-lint (>= 1.0, < 3.0)
    puppet-strings (1.1.0)
      yard (~> 0.9.5)
    puppet-syntax (2.4.1)
      rake
    puppetlabs_spec_helper (2.3.2)
      mocha (~> 1.0)
      puppet-lint (~> 2.0)
      puppet-syntax (~> 2.0)
      rspec-puppet (~> 2.0)
    rake (10.5.0)
    rspec (3.6.0)
      rspec-core (~> 3.6.0)
      rspec-expectations (~> 3.6.0)
      rspec-mocks (~> 3.6.0)
    rspec-core (3.6.0)
      rspec-support (~> 3.6.0)
    rspec-expectations (3.6.0)
      diff-lcs (>= 1.2.0, < 2.0)
      rspec-support (~> 3.6.0)
    rspec-mocks (3.6.0)
      diff-lcs (>= 1.2.0, < 2.0)
      rspec-support (~> 3.6.0)
    rspec-puppet (2.6.9)
      rspec
    rspec-support (3.6.0)
    spdx-licenses (1.1.0)
    term-ansicolor (1.6.0)
      tins (~> 1.0)
    text (1.3.1)
    thor (0.20.0)
    thor-zsh_completion (0.1.4)
      thor (~> 0)
    thread_safe (0.3.6)
    tins (1.15.0)
    tzinfo (1.2.3)
      thread_safe (~> 0.1)
    yard (0.9.9)

PLATFORMS
  ruby

DEPENDENCIES
  falkorlib
  metadata-json-lint
  puppet (~> 4.10.0)
  puppet-lint-absolute_classname-check
  puppet-lint-classes_and_types_beginning_with_digits-check
  puppet-lint-leading_zero-check
  puppet-lint-resource_reference_syntax
  puppet-lint-trailing_comma-check
  puppet-lint-unquoted_string-check
  puppet-lint-version_comparison-check
  puppet-strings
  puppet-syntax
  puppetlabs_spec_helper
  rake

BUNDLED WITH
   1.15.4
